GEM
  remote: https://rubygems.org/
  specs:
    font-awesome-sass (4.4.0)
      sass (>= 3.2)
    sass (3.4.19)

PLATFORMS
  ruby

DEPENDENCIES
  font-awesome-sass

BUNDLED WITH
   1.10.6
